GIT
  remote: git://github.com/chip-rosenthal/findit-support.git
  revision: 03d381a9002fce4b4394648a645a9ba4cb74f986
  specs:
    findit-support (0.0.3)
      json_pure (~> 1.7.7)
      sequel (~> 3.45.0)
      sqlite3 (~> 1.3.7)

GEM
  remote: https://rubygems.org/
  specs:
    json_pure (1.7.7)
    multi_json (1.3.7)
    rack (1.5.2)
    rack-protection (1.5.0)
      rack
    sequel (3.45.0)
    sinatra (1.4.3)
      rack (~> 1.4)
      rack-protection (~> 1.4)
      tilt (~> 1.3, >= 1.3.4)
    sinatra-jsonp (0.4.2)
      multi_json (~> 1.3.7)
      sinatra (~> 1.0)
    sqlite3 (1.3.8)
    tilt (1.4.1)

PLATFORMS
  ruby

DEPENDENCIES
  findit-support!
  sinatra (~> 1.4.3)
  sinatra-jsonp (~> 0.4.2)
  sqlite3 (~> 1.3.8)
