GIT
  remote: git://github.com/chip-rosenthal/findit-support.git
  revision: 03d381a9002fce4b4394648a645a9ba4cb74f986
  specs:
    findit-support (0.0.3)
      json_pure (~> 1.7.7)
      sequel (~> 3.45.0)
      sqlite3 (~> 1.3.7)

GEM
  remote: https://rubygems.org/
  specs:
    columnize (0.8.9)
    daemons (1.1.9)
    debugger (1.6.8)
      columnize (>= 0.3.1)
      debugger-linecache (~> 1.2.0)
      debugger-ruby_core_source (~> 1.3.5)
    debugger-linecache (1.2.0)
    debugger-ruby_core_source (1.3.5)
    diff-lcs (1.2.5)
    eventmachine (1.0.3)
    json_pure (1.7.7)
    multi_json (1.3.7)
    rack (1.5.2)
    rack-protection (1.5.0)
      rack
    rspec (3.1.0)
      rspec-core (~> 3.1.0)
      rspec-expectations (~> 3.1.0)
      rspec-mocks (~> 3.1.0)
    rspec-core (3.1.7)
      rspec-support (~> 3.1.0)
    rspec-expectations (3.1.2)
      diff-lcs (>= 1.2.0, < 2.0)
      rspec-support (~> 3.1.0)
    rspec-mocks (3.1.3)
      rspec-support (~> 3.1.0)
    rspec-support (3.1.2)
    sequel (3.45.0)
    sinatra (1.4.3)
      rack (~> 1.4)
      rack-protection (~> 1.4)
      tilt (~> 1.3, >= 1.3.4)
    sinatra-jsonp (0.4.2)
      multi_json (~> 1.3.7)
      sinatra (~> 1.0)
    sqlite3 (1.3.8)
    thin (1.6.3)
      daemons (~> 1.0, >= 1.0.9)
      eventmachine (~> 1.0)
      rack (~> 1.0)
    tilt (1.4.1)

PLATFORMS
  ruby

DEPENDENCIES
  debugger
  findit-support!
  rspec
  sinatra (~> 1.4.3)
  sinatra-jsonp (~> 0.4.2)
  sqlite3 (~> 1.3.8)
  thin
